GEM
  remote: https://rubygems.org/
  specs:
    asciidoctor (1.5.7.1)
    asciidoctor-revealjs (1.1.3)
      asciidoctor (~> 1.5.6)
      thread_safe (~> 0.3.5)
    thread_safe (0.3.6)

PLATFORMS
  ruby

DEPENDENCIES
  asciidoctor
  asciidoctor-revealjs

BUNDLED WITH
   1.16.2
